PATH
  remote: .
  specs:
    eth (0.5.0)
      rbsecp256k1 (~> 5.0)

GEM
  remote: https://rubygems.org/
  specs:
    coderay (1.1.3)
    diff-lcs (1.4.4)
    method_source (1.0.0)
    mini_portile2 (2.7.1)
    pkg-config (1.4.6)
    pry (0.14.1)
      coderay (~> 1.1)
      method_source (~> 1.0)
    rake (13.0.6)
    rbsecp256k1 (5.0.1)
      mini_portile2 (~> 2.4)
      pkg-config (~> 1.3)
      rubyzip (~> 2.0)
    rspec (3.10.0)
      rspec-core (~> 3.10.0)
      rspec-expectations (~> 3.10.0)
      rspec-mocks (~> 3.10.0)
    rspec-core (3.10.1)
      rspec-support (~> 3.10.0)
    rspec-expectations (3.10.1)
      diff-lcs (>= 1.2.0, < 2.0)
      rspec-support (~> 3.10.0)
    rspec-mocks (3.10.2)
      diff-lcs (>= 1.2.0, < 2.0)
      rspec-support (~> 3.10.0)
    rspec-support (3.10.3)
    rubyzip (2.3.2)

PLATFORMS
  x86_64-linux

DEPENDENCIES
  bundler (~> 2.2)
  eth!
  pry (~> 0.14)
  rake (~> 13.0)
  rspec (~> 3.10)

BUNDLED WITH
   2.2.28
